PATH
  remote: .
  specs:
    dourado (0.1.0)

GEM
  remote: https://rubygems.org/
  specs:
    minitest (5.15.0)
    mocha (1.11.2)
    rake (12.3.3)

PLATFORMS
  ruby

DEPENDENCIES
  bundler (~> 2.1.4)
  dourado!
  minitest (~> 5.0)
  mocha (~> 1.11.2)
  rake (~> 12.0)

BUNDLED WITH
   2.1.4
